GIT
  remote: https://github.com/iron-io/iron_core_ruby.git
  revision: b168534fc78119e34dcf543ab39a167d53acbbb5
  branch: master
  specs:
    iron_core (1.0.7)
      rest (>= 3.0.4)

GIT
  remote: https://github.com/iron-io/iron_mq_ruby.git
  revision: 1f977cd1dcdb6ee08af5a88095cbcba74409253b
  branch: v3
  specs:
    iron_mq (6.0.0.pre1)
      iron_core (>= 0.5.1)

GEM
  remote: https://rubygems.org/
  specs:
    mime-types (2.4.3)
    net-http-persistent (2.9.4)
    netrc (0.10.3)
    rest (3.0.6)
      net-http-persistent (>= 2.9.1)
      netrc
    rest-client (1.7.3)
      mime-types (>= 1.16, < 3.0)
      netrc (~> 0.7)

PLATFORMS
  ruby

DEPENDENCIES
  iron_core!
  iron_mq!
  rest-client
