GIT
  remote: https://github.com/iron-io/iron_core_ruby.git
  revision: f173974f8befa1f01058cbb1adbe0f0e6662fe30
  branch: master
  specs:
    iron_core (1.0.4)
      rest (>= 2.6.4)

GIT
  remote: https://github.com/iron-io/iron_mq_ruby.git
  revision: bda169dae6733e1760ef1f38bdcb4601ed4cf45e
  branch: v3
  specs:
    iron_mq (5.0.2)
      iron_core (>= 0.5.1)

GEM
  remote: https://rubygems.org/
  specs:
    net-http-persistent (2.9.4)
    netrc (0.7.7)
    rest (2.7.2)
      net-http-persistent (>= 2.9.1)
      rest_client (>= 1.7.1)
    rest_client (1.7.3)
      netrc (~> 0.7.7)

PLATFORMS
  ruby

DEPENDENCIES
  iron_core!
  iron_mq!
